GIT
  remote: git://github.com/eagletmt/itamae-plugin-resource-iptables.git
  revision: 1a8cb22fb88cb2e4c1da7ec9101b216020c0d086
  specs:
    itamae-plugin-resource-iptables (0.0.1)
      itamae

GEM
  remote: https://rubygems.org/
  specs:
    ansi (1.5.0)
    diff-lcs (1.2.5)
    hashie (3.4.0)
    itamae (1.1.7)
      ansi
      hashie
      specinfra (~> 2.12.1)
      thor
    multi_json (1.10.1)
    net-scp (1.2.1)
      net-ssh (>= 2.6.5)
    net-ssh (2.9.2)
    rake (10.4.2)
    rspec (3.2.0)
      rspec-core (~> 3.2.0)
      rspec-expectations (~> 3.2.0)
      rspec-mocks (~> 3.2.0)
    rspec-core (3.2.0)
      rspec-support (~> 3.2.0)
    rspec-expectations (3.2.0)
      diff-lcs (>= 1.2.0, < 2.0)
      rspec-support (~> 3.2.0)
    rspec-its (1.1.0)
      rspec-core (>= 3.0.0)
      rspec-expectations (>= 3.0.0)
    rspec-mocks (3.2.0)
      diff-lcs (>= 1.2.0, < 2.0)
      rspec-support (~> 3.2.0)
    rspec-support (3.2.1)
    serverspec (2.8.2)
      multi_json
      rspec (~> 3.0)
      rspec-its
      specinfra (~> 2.12)
    specinfra (2.12.7)
      net-scp
      net-ssh
    thor (0.19.1)

PLATFORMS
  ruby

DEPENDENCIES
  itamae
  itamae-plugin-resource-iptables!
  rake
  serverspec
